GEM
  remote: https://rubygems.org/
  specs:
    asciidoctor (2.0.12)
    asciidoctor-multipage (0.0.9)
      asciidoctor (>= 2.0.11, < 2.1)

PLATFORMS
  ruby

DEPENDENCIES
  asciidoctor-multipage

BUNDLED WITH
   2.1.4
